PATH
  remote: .
  specs:
    fatigue (0.0.4)
      mechanize (= 1.0.0)
      nokogiri (>= 1.4.0)
      ruby-progressbar (= 0.0.9)

GEM
  remote: http://rubygems.org/
  specs:
    mechanize (1.0.0)
      nokogiri (>= 1.2.1)
    mini_portile2 (2.4.0)
    nokogiri (1.10.8)
      mini_portile2 (~> 2.4.0)
    rr (0.10.11)
    ruby-progressbar (0.0.9)

PLATFORMS
  ruby

DEPENDENCIES
  fatigue!
  rr (= 0.10.11)
